GEM
  remote: https://rubygems.org/
  specs:
    bioinform (0.3.1)
    parallel (1.20.1)
    rmagick (2.16.0)
    sequence_logo (1.3.2)
      bioinform (~> 0.3.1)
      rmagick (~> 2.13)
    sqlite3 (1.4.2)

PLATFORMS
  ruby

DEPENDENCIES
  bioinform
  parallel
  sequence_logo
  sqlite3

BUNDLED WITH
   2.1.4
