GEM
  remote: https://rubygems.org/
  specs:
    bioinform (0.3.1)
    rmagick (2.16.0)
    sequence_logo (1.3.2)
      bioinform (~> 0.3.1)
      rmagick (~> 2.13)

PLATFORMS
  ruby

DEPENDENCIES
  sequence_logo

BUNDLED WITH
   2.1.4
